RESTRICTION: == net461
NUGET
  remote: https://www.nuget.org/api/v2
    Castle.Core (4.2.1)
    DotNet.Glob (1.6.9)
    Microsoft.Build (15.5.180)
      Microsoft.Build.Framework (15.5.180)
      System.Collections.Immutable (>= 1.3.1)
      System.Runtime.InteropServices.RuntimeInformation (>= 4.3)
    Microsoft.Build.Framework (15.5.180)
      System.Collections (>= 4.0.11)
      System.Diagnostics.Debug (>= 4.0.11)
      System.Globalization (>= 4.0.11)
      System.Linq (>= 4.1)
      System.Resources.ResourceManager (>= 4.0.1)
      System.Runtime (>= 4.1)
      System.Runtime.InteropServices (>= 4.1)
      System.Threading (>= 4.0.11)
      System.Threading.Tasks.Parallel (>= 4.0.1)
      System.Threading.Thread (>= 4.0)
    Microsoft.Extensions.DependencyInjection (2.0)
    Microsoft.NET.Test.Sdk (15.3)
      Microsoft.TestPlatform.TestHost (>= 15.3)
    Microsoft.NETCore.Platforms (2.0.1)
    Microsoft.TestPlatform.TestHost (15.5)
    Microsoft.Web.Xdt (2.1.1)
    NETStandard.Library (2.0.1)
      Microsoft.NETCore.Platforms (>= 1.1)
    NSubstitute (3.1)
      Castle.Core (>= 4.2)
      System.Threading.Tasks.Extensions (>= 4.3)
    NuGet.Core (2.14)
      Microsoft.Web.Xdt (>= 2.1)
    NUnit (3.9)
    NUnit3TestAdapter (3.9)
    System.Collections (4.3)
    System.Collections.Immutable (1.4)
      NETStandard.Library (>= 1.6.1)
    System.Diagnostics.Debug (4.3)
    System.Globalization (4.3)
    System.Linq (4.3)
    System.Resources.ResourceManager (4.3)
    System.Runtime (4.3)
    System.Runtime.InteropServices (4.3)
    System.Runtime.InteropServices.RuntimeInformation (4.3)
    System.Threading (4.3)
    System.Threading.Tasks (4.3)
    System.Threading.Tasks.Extensions (4.4)
      System.Collections (>= 4.3)
      System.Runtime (>= 4.3)
      System.Threading.Tasks (>= 4.3)
    System.Threading.Tasks.Parallel (4.3)
    System.Threading.Thread (4.3)
    WrapThat.System (1.0)
